PATH
  remote: .
  specs:
    capistrano-mixlr (0.0.1)
      capistrano (= 3.4)
      slack-notifier (>= 2.1)

GEM
  remote: https://rubygems.org/
  specs:
    capistrano (3.4.0)
      i18n
      rake (>= 10.0.0)
      sshkit (~> 1.3)
    i18n (0.8.1)
    net-scp (1.2.1)
      net-ssh (>= 2.6.5)
    net-ssh (4.1.0)
    rake (12.0.0)
    slack-notifier (2.1.0)
    sshkit (1.13.1)
      net-scp (>= 1.1.2)
      net-ssh (>= 2.8.0)

PLATFORMS
  ruby

DEPENDENCIES
  capistrano-mixlr!

BUNDLED WITH
   1.14.6
